GEM
  remote: https://rubygems.org/
  specs:
    addressable (2.5.1)
      public_suffix (~> 2.0, >= 2.0.2)
    awesome_print (1.7.0)
    backports (3.7.0)
    bitters (1.5.0)
      bourbon (~> 5.0.0.beta.7)
      sass (~> 3.4)
      thor (~> 0.19)
    bourbon (5.0.0.beta.7)
      sass (~> 3.4.22)
      thor (~> 0.19.1)
    capybara (2.13.0)
      addressable
      mime-types (>= 1.16)
      nokogiri (>= 1.3.3)
      rack (>= 1.0.0)
      rack-test (>= 0.5.4)
      xpath (~> 2.0)
    diff-lcs (1.3)
    gherkin (4.1.1)
    kgio (2.11.0)
    mime-types (3.1)
      mime-types-data (~> 3.2015)
    mime-types-data (3.2016.0521)
    mini_portile2 (2.1.0)
    multi_json (1.12.1)
    neat (2.0.0)
      sass (~> 3.4)
      thor (~> 0.19)
    nokogiri (1.7.1)
      mini_portile2 (~> 2.1.0)
    public_suffix (2.0.5)
    rack (1.6.5)
    rack-protection (1.5.3)
      rack
    rack-test (0.6.3)
      rack (>= 1.0)
    raindrops (0.18.0)
    rspec (3.5.0)
      rspec-core (~> 3.5.0)
      rspec-expectations (~> 3.5.0)
      rspec-mocks (~> 3.5.0)
    rspec-core (3.5.4)
      rspec-support (~> 3.5.0)
    rspec-expectations (3.5.0)
      diff-lcs (>= 1.2.0, < 2.0)
      rspec-support (~> 3.5.0)
    rspec-mocks (3.5.0)
      diff-lcs (>= 1.2.0, < 2.0)
      rspec-support (~> 3.5.0)
    rspec-support (3.5.0)
    sass (3.4.23)
    sinatra (1.4.8)
      rack (~> 1.5)
      rack-protection (~> 1.4)
      tilt (>= 1.3, < 3)
    sinatra-contrib (1.4.7)
      backports (>= 2.0)
      multi_json
      rack-protection
      rack-test
      sinatra (~> 1.4.0)
      tilt (>= 1.3, < 3)
    sinatra-jsonp (0.4.4)
      multi_json (~> 1.8)
      sinatra (~> 1.0)
    slim (3.0.7)
      temple (~> 0.7.6)
      tilt (>= 1.3.3, < 2.1)
    temple (0.7.7)
    thor (0.19.4)
    tilt (2.0.7)
    turnip (3.0.0)
      gherkin (~> 4.0)
      rspec (>= 3.0, < 4.0)
    unicorn (5.3.0)
      kgio (~> 2.6)
      raindrops (~> 0.7)
    xpath (2.0.0)
      nokogiri (~> 1.3)

PLATFORMS
  ruby

DEPENDENCIES
  awesome_print
  bitters
  bourbon
  capybara
  neat
  rspec
  sass
  sinatra
  sinatra-contrib
  sinatra-jsonp
  slim
  turnip
  unicorn

RUBY VERSION
   ruby 2.4.1p111

BUNDLED WITH
   1.14.6
